GEM
  remote: https://rubygems.org/
  specs:
    rack (1.6.5)
    rack-protection (1.5.3)
      rack
    sass (3.4.23)
    sinatra (1.4.8)
      rack (~> 1.5)
      rack-protection (~> 1.4)
      tilt (>= 1.3, < 3)
    tilt (2.0.7)

PLATFORMS
  ruby

DEPENDENCIES
  sass (~> 3.4, >= 3.4.23)
  sinatra (~> 1.4, >= 1.4.8)

RUBY VERSION
   ruby 2.4.1p111

BUNDLED WITH
   1.14.6
